GEM
  remote: https://rubygems.org/
  specs:
    colorize (0.8.1)

PLATFORMS
  ruby

DEPENDENCIES
  colorize

RUBY VERSION
   ruby 2.6.3p62

BUNDLED WITH
   2.0.2
